GEM
  remote: https://rubygems.org/
  remote: https://s3.amazonaws.com/bosh-jenkins-gems/
  specs:
    activemodel (3.2.13)
      activesupport (= 3.2.13)
      builder (~> 3.0.0)
    activesupport (3.2.13)
      i18n (= 0.6.1)
      multi_json (~> 1.0)
    builder (3.0.4)
    cf-uaa-lib (1.3.10)
      multi_json
    cfoundry (2.2.0rc3)
      activemodel (~> 3.2.13)
      cf-uaa-lib (~> 1.3.10)
      multi_json (~> 1.7)
      multipart-post (~> 1.1)
      rubyzip (~> 0.9)
    i18n (0.6.1)
    multi_json (1.7.7)
    multipart-post (1.2.0)
    rubyzip (0.9.9)

PLATFORMS
  ruby

DEPENDENCIES
  cfoundry
